GIT
  remote: https://github.com/medusa-project/medusa_storage.git
  revision: d2c9316f6d292e9b87d2c32c14d40dca166ea53c
  specs:
    medusa_storage (0.6.1)
      aws-sdk-s3
      hex_string
      io-like
      parallel (~> 1.12)

GIT
  remote: https://github.com/medusa-project/simple-queue-server.git
  revision: 847faf7a3a619e69016c82b19aa21a4ab6fff2d7
  specs:
    simple-queue-server (2.2.1)
      aws-sdk-sqs
      bunny
      config
      logging
      march_hare
      retryable
      uuid

GEM
  remote: https://rubygems.org/
  specs:
    activesupport (5.2.2)
      concurrent-ruby (~> 1.0, >= 1.0.2)
      i18n (>= 0.7, < 2)
      minitest (~> 5.1)
      tzinfo (~> 1.1)
    amq-protocol (2.3.0)
    aws-eventstream (1.0.1)
    aws-partitions (1.136.0)
    aws-sdk-core (3.46.0)
      aws-eventstream (~> 1.0)
      aws-partitions (~> 1.0)
      aws-sigv4 (~> 1.0)
      jmespath (~> 1.0)
    aws-sdk-kms (1.13.0)
      aws-sdk-core (~> 3, >= 3.39.0)
      aws-sigv4 (~> 1.0)
    aws-sdk-s3 (1.30.1)
      aws-sdk-core (~> 3, >= 3.39.0)
      aws-sdk-kms (~> 1)
      aws-sigv4 (~> 1.0)
    aws-sdk-sqs (1.10.0)
      aws-sdk-core (~> 3, >= 3.39.0)
      aws-sigv4 (~> 1.0)
    aws-sigv4 (1.0.3)
    bunny (2.13.0)
      amq-protocol (~> 2.3, >= 2.3.0)
    concurrent-ruby (1.1.4)
    config (1.7.1)
      activesupport (>= 3.0)
      deep_merge (~> 1.2.1)
      dry-validation (>= 0.12.2)
    deep_merge (1.2.1)
    dry-configurable (0.8.1)
      concurrent-ruby (~> 1.0)
      dry-core (~> 0.4, >= 0.4.7)
    dry-container (0.7.0)
      concurrent-ruby (~> 1.0)
      dry-configurable (~> 0.1, >= 0.1.3)
    dry-core (0.4.7)
      concurrent-ruby (~> 1.0)
    dry-equalizer (0.2.1)
    dry-inflector (0.1.2)
    dry-logic (0.5.0)
      dry-container (~> 0.2, >= 0.2.6)
      dry-core (~> 0.2)
      dry-equalizer (~> 0.2)
    dry-types (0.14.0)
      concurrent-ruby (~> 1.0)
      dry-container (~> 0.3)
      dry-core (~> 0.4, >= 0.4.4)
      dry-equalizer (~> 0.2)
      dry-inflector (~> 0.1, >= 0.1.2)
      dry-logic (~> 0.5, >= 0.5)
    dry-validation (0.13.0)
      concurrent-ruby (~> 1.0)
      dry-configurable (~> 0.1, >= 0.1.3)
      dry-core (~> 0.2, >= 0.2.1)
      dry-equalizer (~> 0.2)
      dry-logic (~> 0.5, >= 0.5.0)
      dry-types (~> 0.14, >= 0.14)
    hex_string (1.0.1)
    i18n (1.5.3)
      concurrent-ruby (~> 1.0)
    io-like (0.3.0)
    jmespath (1.4.0)
    little-plugger (1.1.4)
    logging (2.2.2)
      little-plugger (~> 1.1)
      multi_json (~> 1.10)
    macaddr (1.7.1)
      systemu (~> 2.6.2)
    march_hare (3.1.1-java)
    minitest (5.11.3)
    multi_json (1.13.1)
    mustermann (1.0.3)
    parallel (1.13.0)
    passenger (6.0.1)
      rack
      rake (>= 0.8.1)
    rack (2.0.6)
    rack-protection (2.0.5)
      rack
    rake (12.3.2)
    retryable (3.0.3)
    sinatra (2.0.5)
      mustermann (~> 1.0)
      rack (~> 2.0)
      rack-protection (= 2.0.5)
      tilt (~> 2.0)
    systemu (2.6.5)
    thread_safe (0.3.6-java)
    tilt (2.0.9)
    tzinfo (1.2.5)
      thread_safe (~> 0.1)
    uuid (2.3.9)
      macaddr (~> 1.0)

PLATFORMS
  java

DEPENDENCIES
  medusa_storage!
  passenger
  simple-queue-server!
  sinatra

BUNDLED WITH
   2.0.1
